GEM
  remote: https://rubygems.org/
  specs:
    CFPropertyList (2.2.8)
    activemodel (4.0.12)
      activesupport (= 4.0.12)
      builder (~> 3.1.0)
    activesupport (4.0.12)
      i18n (~> 0.6, >= 0.6.9)
      minitest (~> 4.2)
      multi_json (~> 1.3)
      thread_safe (~> 0.1)
      tzinfo (~> 0.3.37)
    addressable (2.3.6)
    archive-tar-minitar (0.5.2)
    autoparse (0.3.3)
      addressable (>= 2.3.1)
      extlib (>= 0.9.15)
      multi_json (>= 1.0.0)
    aws-sdk (1.42.0)
      json (~> 1.4)
      nokogiri (>= 1.4.4)
    beaker (1.20.1)
      aws-sdk (= 1.42.0)
      blimpy (~> 0.6)
      docker-api
      fission (~> 0.4)
      fog (~> 1.22.1)
      google-api-client (~> 0.7.1)
      hocon (~> 0.0.4)
      inifile (~> 2.0)
      json (~> 1.8)
      mime-types (~> 1.25)
      net-scp (~> 1.1)
      net-ssh (~> 2.6)
      nokogiri (~> 1.5.10)
      rbvmomi (= 1.8.1)
      unf (~> 0.1)
    beaker-rspec (3.0.0)
      beaker (~> 1.10)
      rspec
      serverspec (~> 1.0)
      specinfra (~> 1.0)
    blimpy (0.6.7)
      fog
      minitar
      thor
    builder (3.1.4)
    diff-lcs (1.2.5)
    docker-api (1.15.0)
      archive-tar-minitar
      excon (>= 0.38.0)
      json
    excon (0.41.0)
    extlib (0.9.16)
    facter (2.3.0)
      CFPropertyList (~> 2.2.6)
    faraday (0.9.0)
      multipart-post (>= 1.2, < 3)
    fission (0.5.0)
      CFPropertyList (~> 2.2)
    fog (1.22.1)
      fog-brightbox
      fog-core (~> 1.22)
      fog-json
      ipaddress (~> 0.5)
      nokogiri (~> 1.5, >= 1.5.11)
    fog-brightbox (0.6.1)
      fog-core (~> 1.22)
      fog-json
      inflecto
    fog-core (1.25.0)
      builder
      excon (~> 0.38)
      formatador (~> 0.2)
      mime-types
      net-scp (~> 1.1)
      net-ssh (>= 2.1.3)
    fog-json (1.0.0)
      multi_json (~> 1.0)
    formatador (0.2.5)
    google-api-client (0.7.1)
      addressable (>= 2.3.2)
      autoparse (>= 0.3.3)
      extlib (>= 0.9.15)
      faraday (>= 0.9.0)
      jwt (>= 0.1.5)
      launchy (>= 2.1.1)
      multi_json (>= 1.0.0)
      retriable (>= 1.4)
      signet (>= 0.5.0)
      uuidtools (>= 2.1.0)
    her (0.7.2)
      activemodel (>= 3.0.0, < 4.2)
      activesupport (>= 3.0.0, < 4.2)
      faraday (>= 0.8, < 1.0)
      multi_json (~> 1.7)
    hiera (1.3.4)
      json_pure
    highline (1.6.21)
    hocon (0.0.6)
    i18n (0.6.11)
    inflecto (0.0.2)
    inifile (2.0.2)
    ipaddress (0.8.0)
    json (1.8.1)
    json_pure (1.8.1)
    jwt (1.0.0)
    launchy (2.4.3)
      addressable (~> 2.3)
    librarian (0.1.2)
      highline
      thor (~> 0.15)
    librarian-puppet (2.0.0)
      librarian (>= 0.1.2)
      puppet_forge
      rsync
    metaclass (0.0.4)
    mime-types (1.25.1)
    minitar (0.5.4)
    minitest (4.7.5)
    mocha (1.1.0)
      metaclass (~> 0.0.1)
    multi_json (1.10.1)
    multipart-post (2.0.0)
    net-scp (1.2.1)
      net-ssh (>= 2.6.5)
    net-ssh (2.9.1)
    netrc (0.8.0)
    nokogiri (1.5.11)
    puppet (3.7.3)
      facter (> 1.6, < 3)
      hiera (~> 1.0)
      json_pure
    puppet-blacksmith (3.0.3)
      puppet (>= 2.7.16)
      rest-client
    puppet-lint (1.1.0)
    puppet-syntax (1.3.0)
      rake
    puppet_forge (1.0.3)
      her (~> 0.6)
    puppetlabs_spec_helper (0.8.2)
      mocha
      puppet-lint
      puppet-syntax
      rake
      rspec
      rspec-puppet
    rake (10.3.2)
    rbvmomi (1.8.1)
      builder
      nokogiri (>= 1.4.1)
      trollop
    rest-client (1.7.2)
      mime-types (>= 1.16, < 3.0)
      netrc (~> 0.7)
    retriable (1.4.1)
    rspec (2.99.0)
      rspec-core (~> 2.99.0)
      rspec-expectations (~> 2.99.0)
      rspec-mocks (~> 2.99.0)
    rspec-core (2.99.2)
    rspec-expectations (2.99.2)
      diff-lcs (>= 1.1.3, < 2.0)
    rspec-its (1.0.1)
      rspec-core (>= 2.99.0.beta1)
      rspec-expectations (>= 2.99.0.beta1)
    rspec-mocks (2.99.2)
    rspec-puppet (1.0.1)
      rspec
    rsync (1.0.9)
    serverspec (1.16.0)
      highline
      net-ssh
      rspec (~> 2.99)
      rspec-its
      specinfra (~> 1.27)
    signet (0.5.1)
      addressable (>= 2.2.3)
      faraday (>= 0.9.0.rc5)
      jwt (>= 0.1.5)
      multi_json (>= 1.0.0)
    specinfra (1.27.5)
    thor (0.19.1)
    thread_safe (0.3.4)
    trollop (2.0)
    tzinfo (0.3.42)
    unf (0.1.4)
      unf_ext
    unf_ext (0.0.6)
    uuidtools (2.1.5)

PLATFORMS
  ruby

DEPENDENCIES
  beaker (>= 1.14.0)
  beaker-rspec (>= 2.1.0)
  librarian-puppet (>= 2.0.0)
  minitest (< 5.0.0)
  puppet (>= 3.0.0)
  puppet-blacksmith (>= 1.0.5)
  puppet-lint (>= 1.0.0)
  puppetlabs_spec_helper
  rake
  rspec-puppet (>= 1.0.0)
